GEM
  remote: https://rubygems.org/
  specs:
    ruby_protobuf (0.4.11)

PLATFORMS
  ruby

DEPENDENCIES
  ruby_protobuf

BUNDLED WITH
   1.10.6
